GEM
  remote: https://rubygems.org/
  specs:
    coderay (1.1.1)
    domain_name (0.5.20160615)
      unf (>= 0.0.5, < 1.0.0)
    dotenv (2.1.1)
    easypost (2.1.11)
      multi_json (>= 1.3.0)
      rest-client (~> 1.4)
    http-cookie (1.0.2)
      domain_name (~> 0.5)
    method_source (0.8.2)
    mime-types (2.99.2)
    multi_json (1.12.1)
    netrc (0.11.0)
    pry (0.10.4)
      coderay (~> 1.1.0)
      method_source (~> 0.8.1)
      slop (~> 3.4)
    rack (1.6.4)
    rack-protection (1.5.3)
      rack
    rest-client (1.8.0)
      http-cookie (>= 1.0.2, < 2.0)
      mime-types (>= 1.16, < 3.0)
      netrc (~> 0.7)
    ruby_http_client (2.1.4)
    sendgrid-ruby (3.0.7)
      ruby_http_client (~> 2.1.3)
    sinatra (1.4.7)
      rack (~> 1.5)
      rack-protection (~> 1.4)
      tilt (>= 1.3, < 3)
    slop (3.6.0)
    tilt (2.0.5)
    unf (0.1.4)
      unf_ext
    unf_ext (0.0.7.2)

PLATFORMS
  ruby

DEPENDENCIES
  dotenv
  easypost
  pry
  sendgrid-ruby
  sinatra

BUNDLED WITH
   1.12.5
